STORAGE: NONE
NUGET
  remote: https://api.nuget.org/v3/index.json
    Guna.UI2.WinForms (2.0.4.7)
      System.Management (>= 6.0) - restriction: || (>= net6.0-windows7.0) (&& (< net7.0-windows7.0) (>= netcoreapp3.1))
      System.Management (>= 7.0) - restriction: >= net7.0-windows7.0
    System.CodeDom (9.0.9) - restriction: >= netcoreapp3.1
    System.Management (9.0.9) - restriction: >= netcoreapp3.1
      System.CodeDom (>= 9.0.9) - restriction: >= netstandard2.0
